GEM
  remote: https://rubygems.org/
  specs:
    atk (1.2.0)
      glib2 (>= 1.2.0)
    cairo (1.12.3)
      pkg-config
    cri (2.1.0)
    faster_xml_simple (0.5.0)
      libxml-ruby (>= 0.3.8.4)
    gdk3 (1.2.0)
      atk (>= 1.2.0)
      gdk_pixbuf2 (>= 1.2.0)
      pango (>= 1.2.0)
    gdk_pixbuf2 (1.2.0)
      glib2 (>= 1.2.0)
    gio2 (1.2.0)
      glib2 (>= 1.2.0)
    glib2 (1.2.0)
      pkg-config
    gtk3 (1.2.0)
      atk (>= 1.2.0)
      gdk3 (>= 1.2.0)
      gdk_pixbuf2 (>= 1.2.0)
      gio2 (>= 1.2.0)
      glib2 (>= 1.2.0)
      pango (>= 1.2.0)
    httpclient (2.3.3)
    json (1.7.5)
    libxml-ruby (2.6.0)
    net-github-upload (0.0.8)
      faster_xml_simple
      httpclient
      json
      nokogiri (>= 1.4.0)
    nokogiri (1.5.2)
    ocra (1.3.0)
    pango (1.2.0)
      cairo (>= 1.10.0)
      glib2 (>= 1.2.0)
    pkg-config (1.1.4)
    rake (0.9.2.2)
    releasy (0.2.2)
      cri (~> 2.1.0)
      net-github-upload (~> 0.0.8)
      ocra (~> 1.3.0)
      rake (~> 0.9.2.2)
      thor (~> 0.14.6)
    thor (0.14.6)

PLATFORMS
  ruby

DEPENDENCIES
  gtk3
  releasy
